GEM
  remote: https://rubygems.org/
  specs:
    bigdecimal (3.1.9)
    colorize (1.1.0)
    csv (3.3.2)
    highline (3.1.2)
      reline
    httparty (0.22.0)
      csv
      mini_mime (>= 1.0.0)
      multi_xml (>= 0.5.2)
    io-console (0.8.0)
    mini_mime (1.1.5)
    multi_xml (0.7.1)
      bigdecimal (~> 3.1)
    reline (0.6.0)
      io-console (~> 0.5)
    terminal-table (3.0.2)
      unicode-display_width (>= 1.1.1, < 3)
    unicode-display_width (2.6.0)

PLATFORMS
  aarch64-linux-android

DEPENDENCIES
  colorize
  highline
  httparty
  terminal-table

BUNDLED WITH
   2.5.22
